GEM
  remote: http://rubygems.org/
  specs:
    i18n (0.6.9)
    json (1.8.1)
    money (6.1.1)
      i18n (~> 0.6.4)

PLATFORMS
  ruby

DEPENDENCIES
  json (~> 1.8.1)
  money (~> 6.1.1)
